GEM
  remote: https://rubygems.org/
  specs:
    haml (4.0.6)
      tilt
    rack (1.5.2)
    tilt (2.0.1)

PLATFORMS
  ruby

DEPENDENCIES
  haml
  rack
